PATH
  remote: .
  specs:
    bettertabs (1.2)

GEM
  remote: http://rubygems.org/
  specs:

PLATFORMS
  ruby

DEPENDENCIES
  bettertabs!
